GEM
  remote: https://rubygems.org/
  specs:
    activesupport (5.2.8.1)
      concurrent-ruby (~> 1.0, >= 1.0.2)
      i18n (>= 0.7, < 2)
      minitest (~> 5.1)
      tzinfo (~> 1.1)
    addressable (2.8.5)
      public_suffix (>= 2.0.2, < 6.0)
    ast (2.4.2)
    base64 (0.1.1)
    colorator (1.1.0)
    colorize (0.8.1)
    concurrent-ruby (1.2.2)
    date (3.3.3)
    em-websocket (0.5.3)
      eventmachine (>= 0.12.9)
      http_parser.rb (~> 0)
    ethon (0.16.0)
      ffi (>= 1.15.0)
    eventmachine (1.2.7)
    faraday (2.7.11)
      base64
      faraday-net_http (>= 2.0, < 3.1)
      ruby2_keywords (>= 0.0.4)
    faraday-multipart (1.0.4)
      multipart-post (~> 2)
    faraday-net_http (3.0.2)
    fastimage (2.2.7)
    ffi (1.16.3)
    forwardable-extended (2.6.0)
    html-proofer (3.7.5)
      activesupport (>= 4.2, < 6.0)
      addressable (~> 2.3)
      colorize (~> 0.8)
      mercenary (~> 0.3.2)
      nokogiri (~> 1.7)
      parallel (~> 1.3)
      typhoeus (~> 0.7)
      yell (~> 2.0)
    http_parser.rb (0.8.0)
    humanize (2.5.1)
    i18n (1.14.1)
      concurrent-ruby (~> 1.0)
    iri (0.7.0)
    iso-639 (0.3.6)
    jekyll (4.3.2)
      addressable (~> 2.4)
      colorator (~> 1.0)
      em-websocket (~> 0.5)
      i18n (~> 1.0)
      jekyll-sass-converter (>= 2.0, < 4.0)
      jekyll-watch (~> 2.0)
      kramdown (~> 2.3, >= 2.3.1)
      kramdown-parser-gfm (~> 1.0)
      liquid (~> 4.0)
      mercenary (>= 0.3.6, < 0.5)
      pathutil (~> 0.9)
      rouge (>= 3.0, < 5.0)
      safe_yaml (~> 1.0)
      terminal-table (>= 1.8, < 4.0)
      webrick (~> 1.7)
    jekyll-bits (0.15)
      fastimage
    jekyll-chatgpt-translate (0.0.36)
      humanize (>= 2)
      iri
      iso-639
      jekyll (>= 3)
      redcarpet (>= 3)
      ruby-openai (>= 5)
    jekyll-feed (0.17.0)
      jekyll (>= 3.7, < 5.0)
    jekyll-gist (1.5.0)
      octokit (~> 4.2)
    jekyll-git-hash (0.1.0)
      jekyll (>= 3.9.2)
    jekyll-paginate (1.1.0)
    jekyll-plantuml (1.4.1)
      jekyll (> 2.0)
    jekyll-redirect-from (0.16.0)
      jekyll (>= 3.3, < 5.0)
    jekyll-sass (1.1.0)
      jekyll (>= 0.10.0)
      sass (>= 3.0.0)
    jekyll-sass-converter (2.2.0)
      sassc (> 2.0.1, < 3.0)
    jekyll-sitemap (1.4.0)
      jekyll (>= 3.7, < 5.0)
    jekyll-watch (2.2.1)
      listen (~> 3.0)
    jgd (1.13.1)
      jekyll (>= 1.5.1)
      trollop (= 2.9.9)
    json (2.6.3)
    kramdown (2.4.0)
      rexml
    kramdown-parser-gfm (1.1.0)
      kramdown (~> 2.0)
    language_server-protocol (3.17.0.3)
    liquid (4.0.4)
    listen (3.8.0)
      rb-fsevent (~> 0.10, >= 0.10.3)
      rb-inotify (~> 0.9, >= 0.9.10)
    mail (2.8.1)
      mini_mime (>= 0.1.1)
      net-imap
      net-pop
      net-smtp
    mercenary (0.3.6)
    mini_mime (1.1.5)
    mini_portile2 (2.8.5)
    minitest (5.20.0)
    multipart-post (2.3.0)
    net-imap (0.4.2)
      date
      net-protocol
    net-pop (0.1.2)
      net-protocol
    net-protocol (0.2.1)
      timeout
    net-smtp (0.4.0)
      net-protocol
    nokogiri (1.15.4)
      mini_portile2 (~> 2.8.2)
      racc (~> 1.4)
    nuggets (1.6.1)
    octokit (4.25.1)
      faraday (>= 1, < 3)
      sawyer (~> 0.9)
    parallel (1.23.0)
    parser (3.2.2.4)
      ast (~> 2.4.1)
      racc
    pathutil (0.16.2)
      forwardable-extended (~> 2.6)
    public_suffix (5.0.3)
    pygments.rb (2.4.0)
    racc (1.7.1)
    rainbow (3.1.1)
    rake (13.1.0)
    rb-fsevent (0.11.2)
    rb-inotify (0.10.1)
      ffi (~> 1.0)
    redcarpet (3.6.0)
    regexp_parser (2.8.2)
    rexml (3.2.6)
    rouge (4.2.0)
    rubocop (1.57.1)
      base64 (~> 0.1.1)
      json (~> 2.3)
      language_server-protocol (>= 3.17.0)
      parallel (~> 1.10)
      parser (>= 3.2.2.4)
      rainbow (>= 2.2.2, < 4.0)
      regexp_parser (>= 1.8, < 3.0)
      rexml (>= 3.2.5, < 4.0)
      rubocop-ast (>= 1.28.1, < 2.0)
      ruby-progressbar (~> 1.7)
      unicode-display_width (>= 2.4.0, < 3.0)
    rubocop-ast (1.30.0)
      parser (>= 3.2.1.0)
    rubocop-capybara (2.19.0)
      rubocop (~> 1.41)
    rubocop-factory_bot (2.24.0)
      rubocop (~> 1.33)
    rubocop-rspec (2.25.0)
      rubocop (~> 1.40)
      rubocop-capybara (~> 2.17)
      rubocop-factory_bot (~> 2.22)
    ruby-openai (5.1.0)
      faraday (>= 1)
      faraday-multipart (>= 1)
    ruby-progressbar (1.13.0)
    ruby2_keywords (0.0.5)
    safe_yaml (1.0.5)
    sass (3.7.4)
      sass-listen (~> 4.0.0)
    sass-listen (4.0.0)
      rb-fsevent (~> 0.9, >= 0.9.4)
      rb-inotify (~> 0.9, >= 0.9.7)
    sassc (2.4.0)
      ffi (~> 1.9)
    sawyer (0.9.2)
      addressable (>= 2.3.5)
      faraday (>= 0.17.3, < 3)
    scss_lint (0.60.0)
      sass (~> 3.5, >= 3.5.5)
    terminal-table (3.0.2)
      unicode-display_width (>= 1.1.1, < 3)
    thread_safe (0.3.6)
    timeout (0.4.0)
    trollop (2.9.9)
    typhoeus (0.8.0)
      ethon (>= 0.8.0)
    tzinfo (1.2.11)
      thread_safe (~> 0.1)
    unicode-display_width (2.5.0)
    uuidtools (2.2.0)
    w3c_validators (1.3.7)
      json (>= 1.8)
      nokogiri (~> 1.6)
      rexml (~> 3.2)
    webrick (1.8.1)
    yell (2.2.2)

PLATFORMS
  ruby

DEPENDENCIES
  fastimage (= 2.2.7)
  html-proofer (= 3.7.5)
  jekyll (= 4.3.2)
  jekyll-bits (= 0.15)
  jekyll-chatgpt-translate (= 0.0.36)
  jekyll-feed (= 0.17.0)
  jekyll-gist (= 1.5.0)
  jekyll-git-hash (= 0.1.0)
  jekyll-paginate (= 1.1.0)
  jekyll-plantuml (= 1.4.1)
  jekyll-redirect-from (= 0.16.0)
  jekyll-sass (= 1.1.0)
  jekyll-sass-converter (= 2.2.0)
  jekyll-sitemap (= 1.4.0)
  jgd (= 1.13.1)
  kramdown (= 2.4.0)
  liquid (= 4.0.4)
  mail (= 2.8.1)
  nokogiri (= 1.15.4)
  nuggets (= 1.6.1)
  pygments.rb (= 2.4.0)
  rainbow (= 3.1.1)
  rake (= 13.1.0)
  redcarpet (= 3.6.0)
  rubocop (= 1.57.1)
  rubocop-rspec (= 2.25.0)
  sass (= 3.7.4)
  scss_lint (= 0.60.0)
  trollop (= 2.9.9)
  uuidtools (= 2.2.0)
  w3c_validators (= 1.3.7)

BUNDLED WITH
   2.1.4
